PATH
  remote: .
  specs:
    gerri-notify (0.0.1)
      ruby-dbus (~> 0.11.0)

GEM
  remote: https://rubygems.org/
  specs:
    coderay (1.1.0)
    method_source (0.8.2)
    pry (0.9.12.6)
      coderay (~> 1.0)
      method_source (~> 0.8)
      slop (~> 3.4)
    ruby-dbus (0.11.0)
    slop (3.6.0)

PLATFORMS
  ruby

DEPENDENCIES
  bundler (~> 1.5)
  gerri-notify!
  pry (= 0.9.12.6)
